GIT
  remote: git://github.com/activeadmin/activeadmin.git
  revision: 2ae0a9e09bf9fab7fd95e245b6c46d5c7fc2a953
  branch: master
  specs:
    activeadmin (1.0.0.pre)
      arbre (~> 1.0)
      bourbon
      coffee-rails
      formtastic (~> 2.3.0.rc3)
      inherited_resources (~> 1.4.1)
      jquery-rails
      jquery-ui-rails
      kaminari (~> 0.15)
      rails (>= 3.2, < 4.2)
      ransack (~> 1.0)
      sass-rails

GEM
  remote: https://rubygems.org/
  specs:
    actionmailer (4.1.4)
      actionpack (= 4.1.4)
      actionview (= 4.1.4)
      mail (~> 2.5.4)
    actionpack (4.1.4)
      actionview (= 4.1.4)
      activesupport (= 4.1.4)
      rack (~> 1.5.2)
      rack-test (~> 0.6.2)
    actionview (4.1.4)
      activesupport (= 4.1.4)
      builder (~> 3.1)
      erubis (~> 2.7.0)
    activemodel (4.1.4)
      activesupport (= 4.1.4)
      builder (~> 3.1)
    activerecord (4.1.4)
      activemodel (= 4.1.4)
      activesupport (= 4.1.4)
      arel (~> 5.0.0)
    activesupport (4.1.4)
      i18n (~> 0.6, >= 0.6.9)
      json (~> 1.7, >= 1.7.7)
      minitest (~> 5.1)
      thread_safe (~> 0.1)
      tzinfo (~> 1.1)
    acts-as-taggable-on (3.2.6)
      activerecord (>= 3, < 5)
    addressable (2.3.5)
    arbre (1.0.1)
      activesupport (>= 3.0.0)
    arel (5.0.1.20140414130214)
    atomic (1.1.16)
    bcrypt (3.1.7)
    better_errors (1.1.0)
      coderay (>= 1.0.0)
      erubis (>= 2.6.6)
    binding_of_caller (0.7.2)
      debug_inspector (>= 0.0.1)
    bourbon (3.2.3)
      sass (~> 3.2)
      thor
    brakeman (2.6.1)
      erubis (~> 2.6)
      fastercsv (~> 1.5)
      haml (>= 3.0, < 5.0)
      highline (~> 1.6.20)
      multi_json (~> 1.2)
      ruby2ruby (~> 2.0.5)
      ruby_parser (~> 3.5.0)
      sass (~> 3.0)
      slim (>= 1.3.6, < 3.0)
      terminal-table (~> 1.4)
    buftok (0.2.0)
    bugsnag (2.1.0)
      httparty (>= 0.6, < 1.0)
      multi_json (~> 1.0)
    builder (3.2.2)
    cancancan (1.8.4)
    carrierwave (0.10.0)
      activemodel (>= 3.2.0)
      activesupport (>= 3.2.0)
      json (>= 1.7)
      mime-types (>= 1.16)
    celluloid (0.15.2)
      timers (~> 1.1.0)
    chartkick (1.3.2)
    chosen-rails (1.1.0)
      coffee-rails (>= 3.2)
      compass-rails (>= 1.1.2)
      railties (>= 3.0)
      sass-rails (>= 3.2)
    chronic (0.10.2)
    chunky_png (1.3.0)
    codeclimate-test-reporter (0.4.3)
      simplecov (>= 0.7.1, < 1.0.0)
    coderay (1.1.0)
    coffee-rails (4.0.1)
      coffee-script (>= 2.2.0)
      railties (>= 4.0.0, < 5.0)
    coffee-script (2.2.0)
      coffee-script-source
      execjs
    coffee-script-source (1.7.0)
    compass (0.12.3)
      chunky_png (~> 1.2)
      fssm (>= 0.2.7)
      sass (= 3.2.14)
    compass-rails (1.1.6)
      compass (>= 0.12.2)
    crack (0.4.2)
      safe_yaml (~> 1.0.0)
    curb (0.8.5)
    daemons (1.1.9)
    dalli (2.7.2)
    database_cleaner (1.3.0)
    debug_inspector (0.0.2)
    descendants_tracker (0.0.3)
    devise (3.2.4)
      bcrypt (~> 3.0)
      orm_adapter (~> 0.1)
      railties (>= 3.2.6, < 5)
      thread_safe (~> 0.1)
      warden (~> 1.2.3)
    devise-i18n (0.10.3)
    diff-lcs (1.2.5)
    docile (1.1.3)
    equalizer (0.0.9)
    erubis (2.7.0)
    eventmachine (1.0.3)
    execjs (2.2.1)
    facter (1.7.5)
    factory_girl (4.4.0)
      activesupport (>= 3.0.0)
    factory_girl_rails (4.4.1)
      factory_girl (~> 4.4.0)
      railties (>= 3.0.0)
    faker (1.4.1)
      i18n (~> 0.5)
    faraday (0.9.0)
      multipart-post (>= 1.2, < 3)
    fastercsv (1.5.5)
    feedjira (1.3.0)
      curb (~> 0.8.1)
      loofah (~> 2.0.0)
      sax-machine (~> 0.2.1)
    ffi (1.9.3)
    font-awesome-rails (4.1.0.0)
      railties (>= 3.2, < 5.0)
    formatador (0.2.5)
    formtastic (2.3.0.rc3)
      actionpack (>= 3.0)
    foundation-rails (5.4.0.0)
      railties (>= 3.1.0)
      sass (>= 3.2.0)
    fssm (0.2.10)
    gabba (1.0.1)
    geocoder (1.2.2)
    gravatar_image_tag (1.2.0)
    growl (1.0.3)
    guard (2.6.1)
      formatador (>= 0.2.4)
      listen (~> 2.7)
      lumberjack (~> 1.0)
      pry (>= 0.9.12)
      thor (>= 0.18.1)
    guard-bundler (2.0.0)
      bundler (~> 1.0)
      guard (~> 2.2)
    guard-pow (2.0.0)
      guard (~> 2.0)
    guard-rspec (4.2.10)
      guard (~> 2.1)
      rspec (>= 2.14, < 4.0)
    haml (4.0.5)
      tilt
    has_scope (0.6.0.rc)
      actionpack (>= 3.2, < 5)
      activesupport (>= 3.2, < 5)
    hashie (2.0.5)
    her (0.7.3)
      activemodel (>= 3.0.0, <= 4.2)
      activesupport (>= 3.0.0, <= 4.2)
      faraday (>= 0.8, < 1.0)
      multi_json (~> 1.7)
    hiera (1.3.2)
      json_pure
    highline (1.6.21)
    hike (1.2.3)
    http (0.5.0)
      http_parser.rb
    http_parser.rb (0.6.0)
    httparty (0.13.1)
      json (~> 1.8)
      multi_xml (>= 0.5.2)
    httpauth (0.2.1)
    i18n (0.6.11)
    icalendar (1.5.2)
    ice_cube (0.11.3)
    inherited_resources (1.4.1)
      has_scope (~> 0.6.0.rc)
      responders (~> 1.0.0.rc)
    jquery-rails (3.1.1)
      railties (>= 3.0, < 5.0)
      thor (>= 0.14, < 2.0)
    jquery-ui-rails (5.0.3)
      railties (>= 3.2.16)
    json (1.8.1)
    json_pure (1.8.1)
    jwt (0.1.11)
      multi_json (>= 1.5)
    kaminari (0.16.1)
      actionpack (>= 3.0.0)
      activesupport (>= 3.0.0)
    kss (0.5.0)
    leaflet-rails (0.7.3)
    librarian (0.1.2)
      highline
      thor (~> 0.15)
    librarian-puppet (2.0.1)
      librarian (>= 0.1.2)
      puppet_forge
      rsync
    libv8 (3.16.14.3)
    listen (2.7.9)
      celluloid (>= 0.15.2)
      rb-fsevent (>= 0.9.3)
      rb-inotify (>= 0.9)
    loofah (2.0.0)
      nokogiri (>= 1.5.9)
    lumberjack (1.0.9)
    mail (2.5.4)
      mime-types (~> 1.16)
      treetop (~> 1.4.8)
    md_emoji (1.0.2)
      railties (>= 3.1.0)
      redcarpet (>= 2.0)
    memoizable (0.4.1)
      thread_safe (~> 0.2.0)
    method_source (0.8.2)
    mime-types (1.25.1)
    mini_magick (3.7.0)
      subexec (~> 0.2.1)
    mini_portile (0.6.0)
    minitest (5.4.3)
    modernizr-rails (2.7.1)
    momentjs-rails (2.4.0)
      railties (>= 3.1)
    multi_json (1.10.1)
    multi_xml (0.5.5)
    multipart-post (2.0.0)
    nokogiri (1.6.2.1)
      mini_portile (= 0.6.0)
    oauth (0.4.7)
    oauth2 (0.8.1)
      faraday (~> 0.8)
      httpauth (~> 0.1)
      jwt (~> 0.1.4)
      multi_json (~> 1.0)
      rack (~> 1.2)
    omniauth (1.1.4)
      hashie (>= 1.2, < 3)
      rack
    omniauth-github (1.1.1)
      omniauth (~> 1.0)
      omniauth-oauth2 (~> 1.1)
    omniauth-oauth (1.0.1)
      oauth
      omniauth (~> 1.0)
    omniauth-oauth2 (1.1.1)
      oauth2 (~> 0.8.0)
      omniauth (~> 1.0)
    omniauth-twitter (1.0.1)
      multi_json (~> 1.3)
      omniauth-oauth (~> 1.0)
    orm_adapter (0.5.0)
    pg (0.17.1)
    polyamorous (1.0.0)
      activerecord (>= 3.0)
    polyglot (0.3.5)
    pry (0.10.0)
      coderay (~> 1.1.0)
      method_source (~> 0.8.1)
      slop (~> 3.4)
    pry-rails (0.3.2)
      pry (>= 0.9.10)
    puppet (3.4.3)
      facter (~> 1.6)
      hiera (~> 1.0)
      rgen (~> 0.6.5)
    puppet_forge (1.0.4)
      her (~> 0.6)
    quiet_assets (1.0.3)
      railties (>= 3.1, < 5.0)
    rack (1.5.2)
    rack-test (0.6.2)
      rack (>= 1.0)
    rails (4.1.4)
      actionmailer (= 4.1.4)
      actionpack (= 4.1.4)
      actionview (= 4.1.4)
      activemodel (= 4.1.4)
      activerecord (= 4.1.4)
      activesupport (= 4.1.4)
      bundler (>= 1.3.0, < 2.0)
      railties (= 4.1.4)
      sprockets-rails (~> 2.0)
    railties (4.1.4)
      actionpack (= 4.1.4)
      activesupport (= 4.1.4)
      rake (>= 0.8.7)
      thor (>= 0.18.1, < 2.0)
    rake (10.3.2)
    ransack (1.2.3)
      actionpack (>= 3.0)
      activerecord (>= 3.0)
      activesupport (>= 3.0)
      i18n
      polyamorous (~> 1.0.0)
    rb-fsevent (0.9.4)
    rb-inotify (0.9.5)
      ffi (>= 0.5.0)
    recaptcha (0.3.6)
    redcarpet (3.1.2)
    ref (1.0.5)
    responders (1.0.0)
      railties (>= 3.2, < 5)
    rgen (0.6.6)
    rspec (3.0.0)
      rspec-core (~> 3.0.0)
      rspec-expectations (~> 3.0.0)
      rspec-mocks (~> 3.0.0)
    rspec-core (3.0.2)
      rspec-support (~> 3.0.0)
    rspec-expectations (3.0.2)
      diff-lcs (>= 1.2.0, < 2.0)
      rspec-support (~> 3.0.0)
    rspec-mocks (3.0.2)
      rspec-support (~> 3.0.0)
    rspec-rails (3.0.1)
      actionpack (>= 3.0)
      activesupport (>= 3.0)
      railties (>= 3.0)
      rspec-core (~> 3.0.0)
      rspec-expectations (~> 3.0.0)
      rspec-mocks (~> 3.0.0)
      rspec-support (~> 3.0.0)
    rspec-support (3.0.2)
    rsync (1.0.9)
    ruby2ruby (2.0.8)
      ruby_parser (~> 3.1)
      sexp_processor (~> 4.0)
    ruby_meetup2 (0.5.0)
    ruby_parser (3.5.0)
      sexp_processor (~> 4.1)
    safe_yaml (1.0.1)
    sass (3.2.14)
    sass-rails (4.0.3)
      railties (>= 4.0.0, < 5.0)
      sass (~> 3.2.0)
      sprockets (~> 2.8, <= 2.11.0)
      sprockets-rails (~> 2.0)
    sax-machine (0.2.1)
      nokogiri (~> 1.6.0)
    sexp_processor (4.4.3)
    shelly-dependencies (0.2.4)
      rake
      thin
    simple_form (3.0.2)
      actionpack (~> 4.0)
      activemodel (~> 4.0)
    simple_oauth (0.2.0)
    simplecov (0.8.2)
      docile (~> 1.1.0)
      multi_json
      simplecov-html (~> 0.8.0)
    simplecov-html (0.8.0)
    slim (2.0.3)
      temple (~> 0.6.6)
      tilt (>= 1.3.3, < 2.1)
    slop (3.5.0)
    spring (1.1.3)
    spring-commands-rspec (1.0.2)
      spring (>= 0.9.1)
    sprockets (2.8.0)
      hike (~> 1.2)
      multi_json (~> 1.0)
      rack (~> 1.0)
      tilt (~> 1.1, != 1.3.0)
    sprockets-rails (2.1.3)
      actionpack (>= 3.0)
      activesupport (>= 3.0)
      sprockets (~> 2.8)
    subexec (0.2.3)
    temple (0.6.8)
    terminal-table (1.4.5)
    therubyracer (0.12.1)
      libv8 (~> 3.16.14.0)
      ref
    thin (1.6.2)
      daemons (>= 1.0.9)
      eventmachine (>= 1.0.0)
      rack (>= 1.0.0)
    thor (0.19.1)
    thread_safe (0.2.0)
      atomic (>= 1.1.7, < 2)
    tilt (1.4.1)
    timers (1.1.0)
    treetop (1.4.15)
      polyglot
      polyglot (>= 0.3.1)
    twitter (5.5.1)
      addressable (~> 2.3)
      buftok (~> 0.2.0)
      descendants_tracker (~> 0.0.3)
      equalizer (~> 0.0.9)
      faraday (>= 0.8, < 0.10)
      http (~> 0.5.0)
      http_parser.rb (~> 0.6.0)
      json (~> 1.8)
      memoizable (~> 0.4.0)
      simple_oauth (~> 0.2.0)
    tzinfo (1.2.2)
      thread_safe (~> 0.1)
    uglifier (2.5.1)
      execjs (>= 0.3.0)
      json (>= 1.8.0)
    vcr (2.9.2)
    warden (1.2.3)
      rack (>= 1.0)
    webmock (1.17.4)
      addressable (>= 2.2.7)
      crack (>= 0.3.2)
    whenever (0.9.4)
      chronic (>= 0.6.3)

PLATFORMS
  ruby

DEPENDENCIES
  activeadmin!
  acts-as-taggable-on (~> 3.2.6)
  better_errors (~> 1.1.0)
  binding_of_caller (~> 0.7.1)
  brakeman (~> 2.6.1)
  bugsnag (~> 2.1.0)
  cancancan (~> 1.8.4)
  carrierwave (~> 0.10.0)
  chartkick (~> 1.3.2)
  chosen-rails (~> 1.1.0)
  codeclimate-test-reporter (~> 0.4.3)
  coffee-script (~> 2.2.0)
  dalli (~> 2.7.2)
  database_cleaner (= 1.3.0)
  devise (~> 3.2.0)
  devise-i18n (~> 0.10.3)
  execjs (~> 2.2.1)
  factory_girl_rails (~> 4.2)
  faker (~> 1.4.1)
  feedjira (~> 1.3.0)
  font-awesome-rails (~> 4.1.0.0)
  foundation-rails (~> 5.4.0)
  gabba (~> 1.0.1)
  geocoder (~> 1.2.2)
  gravatar_image_tag (~> 1.2.0)
  growl (~> 1.0.3)
  guard (~> 2.6.1)
  guard-bundler (~> 2.0.0)
  guard-pow (~> 2.0.0)
  guard-rspec (~> 4.2.10)
  haml (~> 4.0.4)
  icalendar (~> 1.5.2)
  ice_cube (~> 0.11.1)
  jquery-rails (~> 3.1.1)
  jquery-ui-rails (~> 5.0.3)
  kss (~> 0.5.0)
  leaflet-rails (~> 0.7.3)
  librarian-puppet (~> 2.0.1)
  md_emoji (~> 1.0.0)
  mini_magick (~> 3.7.0)
  modernizr-rails (~> 2.7.1)
  momentjs-rails (~> 2.4.0)
  omniauth (~> 1.1.3)
  omniauth-github (~> 1.1.0)
  omniauth-twitter (~> 1.0.1)
  pg (~> 0.17.1)
  pry-rails
  puppet (~> 3.4.3)
  quiet_assets (~> 1.0.3)
  rails (~> 4.1.4)
  rake (~> 10.3.2)
  rb-fsevent (~> 0.9.4)
  recaptcha (= 0.3.6)
  redcarpet (~> 3.1.2)
  rspec-rails (~> 3.0.1)
  ruby_meetup2 (~> 0.5.0)
  sass-rails (~> 4.0.3)
  shelly-dependencies
  simple_form (~> 3.0.2)
  simplecov (~> 0.8.2)
  spring (~> 1.1.3)
  spring-commands-rspec (~> 1.0.2)
  therubyracer (~> 0.12.0)
  thin (~> 1.6.1)
  twitter (~> 5.5.1)
  uglifier (~> 2.5.1)
  vcr (~> 2.9.2)
  webmock (~> 1.17.3)
  whenever (~> 0.9.4)
