GEM
  remote: http://rubygems.org/
  specs:
    actionmailer (3.1.3)
      actionpack (= 3.1.3)
      mail (~> 2.3.0)
    actionpack (3.1.3)
      activemodel (= 3.1.3)
      activesupport (= 3.1.3)
      builder (~> 3.0.0)
      erubis (~> 2.7.0)
      i18n (~> 0.6)
      rack (~> 1.3.5)
      rack-cache (~> 1.1)
      rack-mount (~> 0.8.2)
      rack-test (~> 0.6.1)
      sprockets (~> 2.0.3)
    activemodel (3.1.3)
      activesupport (= 3.1.3)
      builder (~> 3.0.0)
      i18n (~> 0.6)
    activerecord (3.1.3)
      activemodel (= 3.1.3)
      activesupport (= 3.1.3)
      arel (~> 2.2.1)
      tzinfo (~> 0.3.29)
    activeresource (3.1.3)
      activemodel (= 3.1.3)
      activesupport (= 3.1.3)
    activesupport (3.1.3)
      multi_json (~> 1.0)
    acts-as-taggable-on (2.2.0)
      rails (~> 3.1)
    addressable (2.2.6)
    arel (2.2.1)
    bcrypt-ruby (3.0.1)
    builder (3.0.0)
    cancan (1.6.7)
    coffee-script (2.2.0)
      coffee-script-source
      execjs
    coffee-script-source (1.1.3)
    devise (1.5.2)
      bcrypt-ruby (~> 3.0)
      orm_adapter (~> 0.0.3)
      warden (~> 1.1)
    em-websocket (0.3.5)
      addressable (>= 2.1.1)
      eventmachine (>= 0.12.9)
    erubis (2.7.0)
    eventmachine (0.12.10)
    execjs (1.2.12)
      multi_json (~> 1.0)
    factory_girl (2.3.2)
      activesupport
    factory_girl_rails (1.4.0)
      factory_girl (~> 2.3.0)
      railties (>= 3.0.0)
    formtastic (2.0.2)
      rails (~> 3.0)
    gabba (0.1.1)
    geocoder (1.1.0)
    gravatar_image_tag (1.0.0)
    growl (1.0.3)
    guard (0.8.8)
      thor (~> 0.14.6)
    guard-bundler (0.1.3)
      bundler (>= 1.0.0)
      guard (>= 0.2.2)
    guard-livereload (0.3.1)
      em-websocket (>= 0.2.0)
      guard (>= 0.4.0)
      multi_json (~> 1.0.3)
    guard-pow (0.2.1)
      guard (>= 0.3.0)
    guard-spork (0.4.1)
      guard (>= 0.8.4)
      spork (>= 0.8.4)
    guard-test (0.4.2)
      guard (>= 0.4)
      test-unit (~> 2.2)
    guard-yard (1.0.2)
      guard (>= 0.2.2)
      yard (>= 0.7.0)
    haml (3.1.4)
    hike (1.2.1)
    html_truncator (0.3.0)
      nokogiri (~> 1.4)
    i18n (0.6.0)
    ice_cube (0.7.4)
    jquery-rails (1.0.19)
      railties (~> 3.0)
      thor (~> 0.14)
    json (1.6.3)
    libv8 (3.3.10.4)
    mail (2.3.0)
      i18n (>= 0.4.0)
      mime-types (~> 1.16)
      treetop (~> 1.4.8)
    memcache-client (1.8.5)
    mime-types (1.17.2)
    multi_json (1.0.4)
    mysql2 (0.3.11)
    newrelic_rpm (3.3.1)
    nokogiri (1.5.0)
    open4 (1.3.0)
    orm_adapter (0.0.5)
    polyglot (0.3.3)
    rack (1.3.5)
    rack-cache (1.1)
      rack (>= 0.4)
    rack-mount (0.8.3)
      rack (>= 1.0.0)
    rack-ssl (1.3.2)
      rack
    rack-test (0.6.1)
      rack (>= 1.0)
    rails (3.1.3)
      actionmailer (= 3.1.3)
      actionpack (= 3.1.3)
      activerecord (= 3.1.3)
      activeresource (= 3.1.3)
      activesupport (= 3.1.3)
      bundler (~> 1.0)
      railties (= 3.1.3)
    railties (3.1.3)
      actionpack (= 3.1.3)
      activesupport (= 3.1.3)
      rack-ssl (~> 1.3.2)
      rake (>= 0.8.7)
      rdoc (~> 3.4)
      thor (~> 0.14.6)
    rake (0.9.2.2)
    rake-remote_task (2.0.5)
      open4 (~> 1.0)
      rake (~> 0.8)
    rb-fsevent (0.4.3.1)
    rdiscount (1.6.8)
    rdoc (3.12)
      json (~> 1.4)
    redcarpet (2.0.1)
    ri_cal (0.8.8)
    sass (3.1.12)
    sass-rails (3.1.5)
      actionpack (~> 3.1.0)
      railties (~> 3.1.0)
      sass (~> 3.1.10)
      tilt (~> 1.3.2)
    spork (0.8.5)
    spork-testunit (0.0.7)
      spork (>= 0.6.0)
    sprockets (2.0.3)
      hike (~> 1.2)
      rack (~> 1.0)
      tilt (!= 1.3.0, ~> 1.1)
    sqlite3 (1.3.5)
    test-unit (2.4.3)
    therubyracer (0.9.9)
      libv8 (~> 3.3.10)
    thor (0.14.6)
    tilt (1.3.3)
    tipsy-rails (1.0.2)
      railties (~> 3.0)
      thor (~> 0.14)
    treetop (1.4.10)
      polyglot
      polyglot (>= 0.3.1)
    tzinfo (0.3.31)
    uglifier (1.2.0)
      execjs (>= 0.3.0)
      multi_json (>= 1.0.2)
    vlad (2.2.3)
      rake (~> 0.8)
      rake-remote_task (~> 2.0)
    vlad-git (2.2.0)
      vlad (>= 2.1.0)
    warden (1.1.0)
      rack (>= 1.0)
    yard (0.7.4)
    zero-clipboard-rails (1.0.1)
      railties (~> 3.0)
      thor (~> 0.14)

PLATFORMS
  ruby

DEPENDENCIES
  acts-as-taggable-on (~> 2.2.0)
  cancan
  coffee-script
  devise (~> 1.3)
  execjs
  factory_girl_rails (~> 1.1.beta1)
  formtastic (~> 2.0.2)
  gabba
  geocoder (~> 1.0)
  gravatar_image_tag
  growl
  guard
  guard-bundler
  guard-livereload
  guard-pow
  guard-spork
  guard-test (~> 0.4.0)
  guard-yard
  haml
  html_truncator
  ice_cube (~> 0.7)
  jquery-rails
  memcache-client
  mysql2
  newrelic_rpm (~> 3.3.1)
  rails (= 3.1.3)
  rake (~> 0.9)
  rb-fsevent
  rdiscount
  redcarpet (~> 2.0.0b)
  ri_cal (~> 0.8.8)
  sass-rails (~> 3.1.0)
  spork-testunit
  sqlite3
  therubyracer
  tipsy-rails (~> 1.0.2)
  uglifier
  vlad
  vlad-git
  zero-clipboard-rails
