GEM
  remote: http://rubygems.org/
  specs:
    actionmailer (3.2.3)
      actionpack (= 3.2.3)
      mail (~> 2.4.4)
    actionpack (3.2.3)
      activemodel (= 3.2.3)
      activesupport (= 3.2.3)
      builder (~> 3.0.0)
      erubis (~> 2.7.0)
      journey (~> 1.0.1)
      rack (~> 1.4.0)
      rack-cache (~> 1.2)
      rack-test (~> 0.6.1)
      sprockets (~> 2.1.2)
    activemodel (3.2.3)
      activesupport (= 3.2.3)
      builder (~> 3.0.0)
    activerecord (3.2.3)
      activemodel (= 3.2.3)
      activesupport (= 3.2.3)
      arel (~> 3.0.2)
      tzinfo (~> 0.3.29)
    activeresource (3.2.3)
      activemodel (= 3.2.3)
      activesupport (= 3.2.3)
    activesupport (3.2.3)
      i18n (~> 0.6)
      multi_json (~> 1.0)
    acts-as-taggable-on (2.2.2)
      rails (~> 3.0)
    addressable (2.2.7)
    arel (3.0.2)
    bcrypt-ruby (3.0.1)
    builder (3.0.0)
    cancan (1.6.7)
    coffee-script (2.2.0)
      coffee-script-source
      execjs
    coffee-script-source (1.3.1)
    devise (2.0.4)
      bcrypt-ruby (~> 3.0)
      orm_adapter (~> 0.0.3)
      railties (~> 3.1)
      warden (~> 1.1.1)
    em-websocket (0.3.6)
      addressable (>= 2.1.1)
      eventmachine (>= 0.12.9)
    erubis (2.7.0)
    eventmachine (0.12.10)
    execjs (1.3.1)
      multi_json (~> 1.0)
    factory_girl (3.2.0)
      activesupport (>= 3.0.0)
    factory_girl_rails (3.2.0)
      factory_girl (~> 3.2.0)
      railties (>= 3.0.0)
    ffi (1.0.11)
    formtastic (2.2.0)
      actionpack (>= 3.0)
    gabba (0.3.0)
    geocoder (1.1.1)
    gravatar_image_tag (1.1.2)
    growl (1.0.3)
    guard (1.0.2)
      ffi (>= 0.5.0)
      thor (~> 0.14.6)
    guard-bundler (0.1.3)
      bundler (>= 1.0.0)
      guard (>= 0.2.2)
    guard-livereload (0.4.2)
      em-websocket (>= 0.2.0)
      guard (>= 0.10.0)
      multi_json (~> 1.0)
    guard-pow (0.2.1)
      guard (>= 0.3.0)
    guard-spork (0.7.1)
      guard (>= 0.10.0)
      spork (>= 0.8.4)
    guard-test (0.4.3)
      guard (>= 0.4)
      test-unit (~> 2.2)
    guard-yard (1.0.2)
      guard (>= 0.2.2)
      yard (>= 0.7.0)
    haml (3.2.0.alpha.10)
    hike (1.2.1)
    html_truncator (0.3.0)
      nokogiri (~> 1.4)
    i18n (0.6.0)
    ice_cube (0.8.0)
    journey (1.0.3)
    jquery-rails (2.0.2)
      railties (>= 3.2.0, < 5.0)
      thor (~> 0.14)
    json (1.7.0)
    libv8 (3.3.10.4)
    mail (2.4.4)
      i18n (>= 0.4.0)
      mime-types (~> 1.16)
      treetop (~> 1.4.8)
    memcache-client (1.8.5)
    metaclass (0.0.1)
    mime-types (1.18)
    mocha (0.11.3)
      metaclass (~> 0.0.1)
    multi_json (1.3.2)
    mysql2 (0.3.11)
    newrelic_rpm (3.3.4.1)
    nokogiri (1.5.2)
    open4 (1.3.0)
    orm_adapter (0.0.7)
    polyglot (0.3.3)
    rack (1.4.1)
    rack-cache (1.2)
      rack (>= 0.4)
    rack-ssl (1.3.2)
      rack
    rack-test (0.6.1)
      rack (>= 1.0)
    rails (3.2.3)
      actionmailer (= 3.2.3)
      actionpack (= 3.2.3)
      activerecord (= 3.2.3)
      activeresource (= 3.2.3)
      activesupport (= 3.2.3)
      bundler (~> 1.0)
      railties (= 3.2.3)
    railties (3.2.3)
      actionpack (= 3.2.3)
      activesupport (= 3.2.3)
      rack-ssl (~> 1.3.2)
      rake (>= 0.8.7)
      rdoc (~> 3.4)
      thor (~> 0.14.6)
    rake (0.9.2.2)
    rake-remote_task (2.0.6)
      open4 (~> 1.0)
      rake (~> 0.8)
    rb-fsevent (0.9.1)
    rdiscount (1.6.8)
    rdoc (3.12)
      json (~> 1.4)
    redcarpet (2.1.1)
    ri_cal (0.8.8)
    sass (3.1.16)
    sass-rails (3.2.5)
      railties (~> 3.2.0)
      sass (>= 3.1.10)
      tilt (~> 1.3)
    spork (0.9.0)
    spork-testunit (0.0.8)
      spork (>= 0.6.0)
    sprockets (2.1.3)
      hike (~> 1.2)
      rack (~> 1.0)
      tilt (~> 1.1, != 1.3.0)
    sqlite3 (1.3.6)
    test-unit (2.4.8)
    therubyracer (0.10.1)
      libv8 (~> 3.3.10)
    thor (0.14.6)
    tilt (1.3.3)
    tipsy-rails (1.0.2)
      railties (~> 3.0)
      thor (~> 0.14)
    treetop (1.4.10)
      polyglot
      polyglot (>= 0.3.1)
    tzinfo (0.3.33)
    uglifier (1.2.4)
      execjs (>= 0.3.0)
      multi_json (>= 1.0.2)
    vlad (2.2.5)
      rake (~> 0.8)
      rake-remote_task (~> 2.0)
    vlad-git (2.2.0)
      vlad (>= 2.1.0)
    warden (1.1.1)
      rack (>= 1.0)
    yard (0.7.5)
    zero-clipboard-rails (1.0.1)
      railties (~> 3.0)
      thor (~> 0.14)

PLATFORMS
  ruby

DEPENDENCIES
  acts-as-taggable-on (~> 2.2.0)
  cancan (~> 1.6.7)
  coffee-script (~> 2.2.0)
  devise (~> 2.0.0)
  execjs (~> 1.3.0)
  factory_girl_rails (~> 3.2.0)
  formtastic (~> 2.2.0)
  gabba (~> 0.3.0)
  geocoder (~> 1.0)
  gravatar_image_tag (~> 1.1.0)
  growl (~> 1.0.3)
  guard (~> 1.0.0)
  guard-bundler (~> 0.1.3)
  guard-livereload (~> 0.4.0)
  guard-pow (~> 0.2.1)
  guard-spork (~> 0.7.0)
  guard-test (~> 0.4.0)
  guard-yard (~> 1.0.2)
  haml (~> 3.2.0.alpha.8)
  html_truncator (~> 0.3.0)
  ice_cube (~> 0.8.0)
  jquery-rails (~> 2.0.0)
  memcache-client (~> 1.8.5)
  mocha (~> 0.11.3)
  mysql2 (~> 0.3.11)
  newrelic_rpm (~> 3.3.1)
  rails (~> 3.2.0)
  rake (~> 0.9)
  rb-fsevent (~> 0.9.0pre4)
  rdiscount (~> 1.6.8)
  redcarpet (~> 2.1.0)
  ri_cal (~> 0.8.8)
  sass-rails (~> 3.2.3)
  spork-testunit (~> 0.0.7)
  sqlite3 (~> 1.3.5)
  therubyracer (~> 0.10.1)
  tipsy-rails (~> 1.0.2)
  uglifier (~> 1.2.0)
  vlad (~> 2.2.3)
  vlad-git (~> 2.2.0)
  zero-clipboard-rails (~> 1.0.1)
